PATH
  remote: .
  specs:
    webpacker (0.1)
      activesupport (>= 3.0.0, < 5.1)
      multi_json (~> 1.2)

GEM
  remote: https://rubygems.org/
  specs:
    activesupport (5.0.0.1)
      concurrent-ruby (~> 1.0, >= 1.0.2)
      i18n (~> 0.7)
      minitest (~> 5.1)
      tzinfo (~> 1.1)
    concurrent-ruby (1.0.2)
    i18n (0.7.0)
    minitest (5.10.1)
    multi_json (1.12.1)
    thread_safe (0.3.5)
    tzinfo (1.2.2)
      thread_safe (~> 0.1)

PLATFORMS
  ruby

DEPENDENCIES
  webpacker!

BUNDLED WITH
   1.12.1
